PATH
  remote: .
  specs:
    orchestra (0.0.1)
      mixlib-cli

GEM
  remote: https://rubygems.org/
  specs:
    columnize (0.3.6)
    debugger (1.2.0)
      columnize (>= 0.3.1)
      debugger-linecache (~> 1.1.1)
      debugger-ruby_core_source (~> 1.1.3)
    debugger-linecache (1.1.2)
      debugger-ruby_core_source (>= 1.1.1)
    debugger-ruby_core_source (1.1.3)
    mixlib-cli (1.2.2)
    rake (0.9.2.2)

PLATFORMS
  ruby

DEPENDENCIES
  debugger
  orchestra!
  rake
